PATH
  remote: vendor/engines
  specs:
    refinerycms-ladies (1.0)
    refinerycms-photos (1.0)

GEM
  remote: http://rubygems.org/
  specs:
    ZenTest (4.5.0)
    abstract (1.0.0)
    actionmailer (3.0.5)
      actionpack (= 3.0.5)
      mail (~> 2.2.15)
    actionpack (3.0.5)
      activemodel (= 3.0.5)
      activesupport (= 3.0.5)
      builder (~> 2.1.2)
      erubis (~> 2.6.6)
      i18n (~> 0.4)
      rack (~> 1.2.1)
      rack-mount (~> 0.6.13)
      rack-test (~> 0.5.7)
      tzinfo (~> 0.3.23)
    activemodel (3.0.5)
      activesupport (= 3.0.5)
      builder (~> 2.1.2)
      i18n (~> 0.4)
    activerecord (3.0.5)
      activemodel (= 3.0.5)
      activesupport (= 3.0.5)
      arel (~> 2.0.2)
      tzinfo (~> 0.3.23)
    activeresource (3.0.5)
      activemodel (= 3.0.5)
      activesupport (= 3.0.5)
    activesupport (3.0.5)
    acts-as-taggable-on (2.0.6)
    acts_as_indexed (0.7.1)
    arel (2.0.9)
    autotest (4.4.6)
      ZenTest (>= 4.4.1)
    autotest-notification (2.3.1)
      autotest (~> 4.3)
    autotest-rails (4.1.0)
      ZenTest
    aws-s3 (0.6.2)
      builder
      mime-types
      xml-simple
    babosa (0.3.0)
    bcrypt-ruby (2.1.4)
    builder (2.1.2)
    capybara (0.4.1.2)
      celerity (>= 0.7.9)
      culerity (>= 0.2.4)
      mime-types (>= 1.16)
      nokogiri (>= 1.3.3)
      rack (>= 1.0.0)
      rack-test (>= 0.5.4)
      selenium-webdriver (>= 0.0.27)
      xpath (~> 0.1.3)
    celerity (0.8.8)
    childprocess (0.1.8)
      ffi (~> 1.0.6)
    configuration (1.2.0)
    cucumber (0.10.2)
      builder (>= 2.1.2)
      diff-lcs (>= 1.1.2)
      gherkin (>= 2.3.5)
      json (>= 1.4.6)
      term-ansicolor (>= 1.0.5)
    cucumber-rails (0.4.0)
      cucumber (>= 0.10.1)
      nokogiri (>= 1.4.4)
      rack-test (>= 0.5.7)
    culerity (0.2.15)
    database_cleaner (0.6.6)
    devise (1.2.0)
      bcrypt-ruby (~> 2.1.2)
      orm_adapter (~> 0.0.3)
      warden (~> 1.0.3)
    diff-lcs (1.1.2)
    dragonfly (0.8.2)
      rack
    erubis (2.6.6)
      abstract (>= 1.0.0)
    factory_girl (1.3.3)
    ffi (1.0.7)
      rake (>= 0.8.7)
    filters_spam (0.3)
    friendly_id_globalize3 (3.2.1.1)
      babosa (~> 0.3.0)
    gherkin (2.3.5)
      json (>= 1.4.6)
    globalize3 (0.1.0.beta)
      activemodel (>= 3.0.0)
      activerecord (>= 3.0.0)
    i18n (0.5.0)
    json (1.5.1)
    json_pure (1.5.1)
    launchy (0.4.0)
      configuration (>= 0.0.5)
      rake (>= 0.8.1)
    mail (2.2.15)
      activesupport (>= 2.3.6)
      i18n (>= 0.4.0)
      mime-types (~> 1.16)
      treetop (~> 1.4.8)
    mime-types (1.16)
    moretea-awesome_nested_set (1.4.3.1)
      activerecord (~> 3.0.0)
    nokogiri (1.4.4)
    orm_adapter (0.0.4)
    polyglot (0.3.1)
    rack (1.2.2)
    rack-cache (1.0)
      rack (>= 0.4)
    rack-mount (0.6.14)
      rack (>= 1.0.0)
    rack-test (0.5.7)
      rack (>= 1.0)
    rails (3.0.5)
      actionmailer (= 3.0.5)
      actionpack (= 3.0.5)
      activerecord (= 3.0.5)
      activeresource (= 3.0.5)
      activesupport (= 3.0.5)
      bundler (~> 1.0)
      railties (= 3.0.5)
    railties (3.0.5)
      actionpack (= 3.0.5)
      activesupport (= 3.0.5)
      rake (>= 0.8.7)
      thor (~> 0.14.4)
    rake (0.8.7)
    rdoc (3.5.3)
    refinerycms (0.9.9.12)
      bundler (~> 1.0)
      refinerycms-authentication (~> 0.9.9.12)
      refinerycms-base (~> 0.9.9.12)
      refinerycms-core (~> 0.9.9.12)
      refinerycms-dashboard (~> 0.9.9.12)
      refinerycms-images (~> 0.9.9.12)
      refinerycms-pages (~> 0.9.9.12)
      refinerycms-resources (~> 0.9.9.12)
      refinerycms-settings (~> 0.9.9.12)
    refinerycms-authentication (0.9.9.12)
      devise (~> 1.2.0)
      refinerycms-core (~> 0.9.9.12)
    refinerycms-base (0.9.9.12)
    refinerycms-core (0.9.9.12)
      acts_as_indexed (~> 0.7)
      friendly_id_globalize3 (~> 3.2.1)
      globalize3 (>= 0.1.0.beta)
      moretea-awesome_nested_set (~> 1.4)
      rails (~> 3.0.5)
      rdoc (>= 2.5.11)
      refinerycms-base (~> 0.9.9.12)
      refinerycms-generators (~> 1.0)
      refinerycms-settings (~> 0.9.9.12)
      truncate_html (~> 0.5)
      will_paginate (~> 3.0.pre)
    refinerycms-dashboard (0.9.9.12)
      refinerycms-core (~> 0.9.9.12)
    refinerycms-generators (1.0.1)
    refinerycms-i18n (0.9.9.16)
      refinerycms-core (>= 0.9.9.12)
      routing-filter (>= 0.2.3)
    refinerycms-images (0.9.9.12)
      dragonfly (~> 0.8.2)
      rack-cache (>= 0.5.3)
      refinerycms-core (~> 0.9.9.12)
    refinerycms-inquiries (0.9.9.9)
      filters_spam (~> 0.2)
    refinerycms-pages (0.9.9.12)
      refinerycms-core (~> 0.9.9.12)
    refinerycms-resources (0.9.9.12)
      dragonfly (~> 0.8.2)
      rack-cache (>= 0.5.3)
      refinerycms-core (~> 0.9.9.12)
    refinerycms-settings (0.9.9.12)
      refinerycms-base (~> 0.9.9.12)
    refinerycms-testing (0.9.9.12)
      autotest
      autotest-notification
      autotest-rails
      capybara (>= 0.4.1.1)
      cucumber
      cucumber-rails (>= 0.4)
      database_cleaner
      factory_girl
      gherkin
      json_pure
      launchy
      rack-test (~> 0.5.6)
      refinerycms-core (~> 0.9.9.12)
      rspec-rails (~> 2.5)
    routing-filter (0.2.3)
      actionpack
    rspec (2.5.0)
      rspec-core (~> 2.5.0)
      rspec-expectations (~> 2.5.0)
      rspec-mocks (~> 2.5.0)
    rspec-core (2.5.1)
    rspec-expectations (2.5.0)
      diff-lcs (~> 1.1.2)
    rspec-mocks (2.5.0)
    rspec-rails (2.5.0)
      actionpack (~> 3.0)
      activesupport (~> 3.0)
      railties (~> 3.0)
      rspec (~> 2.5.0)
    rubyzip (0.9.4)
    selenium-webdriver (0.1.4)
      childprocess (>= 0.1.7)
      ffi (>= 1.0.7)
      json_pure
      rubyzip
    sqlite3 (1.3.3)
    term-ansicolor (1.0.5)
    thor (0.14.6)
    treetop (1.4.9)
      polyglot (>= 0.3.1)
    truncate_html (0.5.0)
    tzinfo (0.3.25)
    warden (1.0.3)
      rack (>= 1.0.0)
    will_paginate (3.0.pre2)
    xml-simple (1.0.15)
    xpath (0.1.3)
      nokogiri (~> 1.3)

PLATFORMS
  ruby

DEPENDENCIES
  acts-as-taggable-on
  aws-s3
  rails (= 3.0.5)
  refinerycms (~> 0.9.9.4)
  refinerycms-i18n (~> 0.9.9.9)
  refinerycms-inquiries (~> 0.9)
  refinerycms-ladies (= 1.0)!
  refinerycms-photos (= 1.0)!
  refinerycms-testing (~> 0.9.9.1)
  sqlite3
